GEM
  remote: http://rubygems.org/
  specs:
    capistrano (3.2.1)
      i18n
      rake (>= 10.0.0)
      sshkit (~> 1.3)
    capistrano-composer (0.0.4)
      capistrano (>= 3.0.0.pre)
    chef (11.16.4)
      chef-zero (~> 2.1, >= 2.1.4)
      diff-lcs (~> 1.2, >= 1.2.4)
      erubis (~> 2.7)
      ffi-yajl (~> 1.0)
      highline (~> 1.6, >= 1.6.9)
      mime-types (~> 1.16)
      mixlib-authentication (~> 1.3)
      mixlib-cli (~> 1.4)
      mixlib-config (~> 2.0)
      mixlib-log (~> 1.3)
      mixlib-shellout (~> 1.4)
      net-ssh (~> 2.6)
      net-ssh-multi (~> 1.1)
      ohai (~> 7.4)
      plist (~> 3.1.0)
      pry (~> 0.9)
      rest-client (>= 1.0.4, <= 1.6.7)
    chef (11.16.4-x86-mingw32)
      chef-zero (~> 2.1, >= 2.1.4)
      diff-lcs (~> 1.2, >= 1.2.4)
      erubis (~> 2.7)
      ffi (~> 1.9)
      ffi-yajl (~> 1.0)
      highline (~> 1.6, >= 1.6.9)
      mime-types (~> 1.16)
      mixlib-authentication (~> 1.3)
      mixlib-cli (~> 1.4)
      mixlib-config (~> 2.0)
      mixlib-log (~> 1.3)
      mixlib-shellout (~> 1.4)
      net-ssh (~> 2.6)
      net-ssh-multi (~> 1.1)
      ohai (~> 7.4)
      plist (~> 3.1.0)
      pry (~> 0.9)
      rest-client (>= 1.0.4, <= 1.6.7)
      win32-api (= 1.5.1)
      win32-dir (= 0.4.5)
      win32-event (= 0.6.1)
      win32-mmap (= 0.4.0)
      win32-mutex (= 0.4.1)
      win32-process (= 0.7.3)
      win32-service (= 0.8.2)
      windows-api (= 0.4.2)
      windows-pr (= 1.2.2)
      wmi-lite (~> 1.0)
    chef-zero (2.2.1)
      ffi-yajl (~> 1.1)
      hashie (~> 2.0)
      mixlib-log (~> 1.3)
      rack
    chunky_png (1.3.3)
    coderay (1.1.0)
    colorize (0.7.3)
    compass (1.0.1)
      chunky_png (~> 1.2)
      compass-core (~> 1.0.1)
      compass-import-once (~> 1.0.5)
      rb-fsevent (>= 0.9.3)
      rb-inotify (>= 0.9)
      sass (>= 3.3.13, < 3.5)
    compass-core (1.0.1)
      multi_json (~> 1.0)
      sass (>= 3.3.0, < 3.5)
    compass-import-once (1.0.5)
      sass (>= 3.2, < 3.5)
    diff-lcs (1.2.5)
    erubis (2.7.0)
    ffi (1.9.6)
    ffi (1.9.6-x86-mingw32)
    ffi-yajl (1.3.1)
      ffi (~> 1.5)
      libyajl2 (~> 1.2)
    hashie (2.1.2)
    highline (1.6.21)
    i18n (0.6.11)
    ipaddress (0.8.0)
    knife-solo (0.4.2)
      chef (>= 10.12)
      erubis (~> 2.7.0)
      net-ssh (>= 2.2.2, < 3.0)
    librarian (0.1.2)
      highline
      thor (~> 0.15)
    librarian-chef (0.0.4)
      chef (>= 0.10)
      librarian (~> 0.1.0)
      minitar (>= 0.5.2)
    libyajl2 (1.2.0)
    method_source (0.8.2)
    mime-types (1.25.1)
    minitar (0.5.4)
    mixlib-authentication (1.3.0)
      mixlib-log
    mixlib-cli (1.5.0)
    mixlib-config (2.1.0)
    mixlib-log (1.6.0)
    mixlib-shellout (1.6.1)
    mixlib-shellout (1.6.1-x86-mingw32)
      win32-process (~> 0.7.1)
      windows-pr (~> 1.2.2)
    multi_json (1.10.1)
    net-scp (1.2.1)
      net-ssh (>= 2.6.5)
    net-ssh (2.9.1)
    net-ssh-gateway (1.2.0)
      net-ssh (>= 2.6.5)
    net-ssh-multi (1.2.0)
      net-ssh (>= 2.6.5)
      net-ssh-gateway (>= 1.2.0)
    ohai (7.4.0)
      ffi (~> 1.9)
      ffi-yajl (~> 1.0)
      ipaddress
      mime-types (~> 1.16)
      mixlib-cli
      mixlib-config (~> 2.0)
      mixlib-log
      mixlib-shellout (~> 1.2)
      systemu (~> 2.6.4)
      wmi-lite (~> 1.0)
    plist (3.1.0)
    pry (0.10.1)
      coderay (~> 1.1.0)
      method_source (~> 0.8.1)
      slop (~> 3.4)
    pry (0.10.1-x86-mingw32)
      coderay (~> 1.1.0)
      method_source (~> 0.8.1)
      slop (~> 3.4)
      win32console (~> 1.3)
    rack (1.5.2)
    railsless-deploy (1.1.3)
    rake (10.3.2)
    rb-fsevent (0.9.4)
    rb-inotify (0.9.5)
      ffi (>= 0.5.0)
    rest-client (1.6.7)
      mime-types (>= 1.16)
    rspec (3.1.0)
      rspec-core (~> 3.1.0)
      rspec-expectations (~> 3.1.0)
      rspec-mocks (~> 3.1.0)
    rspec-core (3.1.7)
      rspec-support (~> 3.1.0)
    rspec-expectations (3.1.2)
      diff-lcs (>= 1.2.0, < 2.0)
      rspec-support (~> 3.1.0)
    rspec-its (1.1.0)
      rspec-core (>= 3.0.0)
      rspec-expectations (>= 3.0.0)
    rspec-mocks (3.1.3)
      rspec-support (~> 3.1.0)
    rspec-support (3.1.2)
    sass (3.4.9)
    serverspec (2.7.1)
      multi_json
      rspec (~> 3.0)
      rspec-its
      specinfra (~> 2.10)
    slop (3.6.0)
    specinfra (2.10.2)
      net-scp
      net-ssh
    sshkit (1.5.1)
      colorize
      net-scp (>= 1.1.2)
      net-ssh (>= 2.8.0)
    systemu (2.6.4)
    thor (0.19.1)
    win32-api (1.5.1-x86-mingw32)
    win32-dir (0.4.5)
      ffi (>= 1.0.0)
    win32-event (0.6.1)
      win32-ipc (>= 0.6.0)
    win32-ipc (0.6.1)
      ffi
    win32-mmap (0.4.0)
      ffi
    win32-mutex (0.4.1)
      win32-ipc (>= 0.6.0)
    win32-process (0.7.3)
      ffi (>= 1.0.0)
    win32-service (0.8.2)
      ffi
    win32console (1.3.2-x86-mingw32)
    windows-api (0.4.2)
      win32-api (>= 1.4.5)
    windows-pr (1.2.2)
      win32-api (>= 1.4.5)
      windows-api (>= 0.3.0)
    wmi-lite (1.0.0)

PLATFORMS
  ruby
  x86-mingw32

DEPENDENCIES
  capistrano (= 3.2.1)
  capistrano-composer (= 0.0.4)
  compass
  knife-solo (= 0.4.2)
  librarian-chef (~> 0.0.4)
  railsless-deploy (= 1.1.3)
  serverspec
